GEM
  remote: http://rubygems.org/
  specs:
    activesupport (4.0.0)
      i18n (~> 0.6, >= 0.6.4)
      minitest (~> 4.2)
      multi_json (~> 1.3)
      thread_safe (~> 0.1)
      tzinfo (~> 0.3.37)
    babosa (1.0.2)
    backports (3.6.8)
    bcrypt (3.1.11)
    bcrypt (3.1.11-x64-mingw32)
    bcrypt (3.1.11-x86-mingw32)
    bond (0.5.1)
    bson (3.2.6)
    bson_ext (1.5.1)
    builder (3.2.2)
    byebug (3.5.1)
      columnize (~> 0.8)
      debugger-linecache (~> 1.2)
      slop (~> 3.6)
    coderay (1.1.0)
    colorize (0.7.3)
    columnize (0.9.0)
    debugger-linecache (1.2.0)
    domain_name (0.5.20160216)
      unf (>= 0.0.5, < 1.0.0)
    dotenv (2.1.1)
    faker (1.6.3)
      i18n (~> 0.5)
    ffi (1.9.10-x64-mingw32)
    ffi (1.9.10-x86-mingw32)
    http-cookie (1.0.2)
      domain_name (~> 0.5)
    httpclient (2.5.2)
    i18n (0.7.0)
    json (1.8.1)
    jwt (1.5.4)
    literate_randomizer (0.4.0)
    method_source (0.8.2)
    mime-types (2.99.1)
    mini_portile2 (2.0.0)
    minitest (4.7.5)
    monetize (1.7.0)
      money (~> 6.9)
    money (6.10.1)
      i18n (>= 0.6.4, < 1.0)
    mongo (2.1.2)
      bson (~> 3.0)
    multi_json (1.11.2)
    mysql2 (0.4.5)
    mysql2 (0.4.5-x64-mingw32)
    mysql2 (0.4.5-x86-mingw32)
    netrc (0.11.0)
    nokogiri (1.6.7.2)
      mini_portile2 (~> 2.0.0.rc2)
    nokogiri (1.6.7.2-x64-mingw32)
      mini_portile2 (~> 2.0.0.rc2)
    nokogiri (1.6.7.2-x86-mingw32)
      mini_portile2 (~> 2.0.0.rc2)
    paint (1.0.1)
    paypal-sdk-adaptivepayments (1.117.1)
      paypal-sdk-core (~> 0.3.0)
    paypal-sdk-core (0.3.4)
      multi_json (~> 1.0)
      xml-simple
    pg (0.18.4)
    pg (0.18.4-x64-mingw32)
    pg (0.18.4-x86-mingw32)
    postmark (1.9.1)
      json
      rake
    pry (0.10.3)
      coderay (~> 1.1.0)
      method_source (~> 0.8.1)
      slop (~> 3.4)
    pry-byebug (2.0.0)
      byebug (~> 3.4)
      pry (~> 0.10)
    puma (3.2.0)
    rack (1.6.4)
    rack-parser (0.6.0)
      rack
    rack-protection (1.5.3)
      rack
    rack-test (0.6.3)
      rack (>= 1.0)
    rake (11.3.0)
    redis (3.3.1)
    require_all (1.3.3)
    rest-client (1.8.0)
      http-cookie (>= 1.0.2, < 2.0)
      mime-types (>= 1.16, < 3.0)
      netrc (~> 0.7)
    rest-client (1.8.0-x64-mingw32)
      ffi (~> 1.9)
      http-cookie (>= 1.0.2, < 2.0)
      mime-types (>= 1.16, < 3.0)
      netrc (~> 0.7)
    rest-client (1.8.0-x86-mingw32)
      ffi (~> 1.9)
      http-cookie (>= 1.0.2, < 2.0)
      mime-types (>= 1.16, < 3.0)
      netrc (~> 0.7)
    ripl (0.7.1)
      bond (~> 0.5.1)
    ripl-color_result (0.4.1)
      ripl (>= 0.4.1)
      wirb (>= 0.4.0)
    ripl-multi_line (0.3.1)
      ripl (>= 0.3.6)
    ripl-rack (0.2.1)
      rack (>= 1.0)
      rack-test (~> 0.6.2)
      ripl (>= 0.7.0)
    shotgun (0.9.1)
      rack (>= 1.0)
    sinatra (1.4.7)
      rack (~> 1.5)
      rack-protection (~> 1.4)
      tilt (>= 1.3, < 3)
    sinatra-contrib (1.4.6)
      backports (>= 2.0)
      multi_json
      rack-protection
      rack-test
      sinatra (~> 1.4.0)
      tilt (>= 1.3, < 3)
    sinatra-cross_origin (0.3.2)
    sinatra-reloader (1.0)
      sinatra-contrib
    slop (3.6.0)
    thread_safe (0.3.5)
    tilt (2.0.2)
    tux (0.3.0)
      ripl (>= 0.3.5)
      ripl-multi_line (>= 0.2.4)
      ripl-rack (>= 0.2.0)
      sinatra (>= 1.2.1)
    twilio-ruby (4.11.1)
      builder (>= 2.1.2)
      jwt (~> 1.0)
      multi_json (>= 1.3.0)
    tzinfo (0.3.46)
    unf (0.1.4)
      unf_ext
    unf_ext (0.0.7.2)
    unf_ext (0.0.7.2-x64-mingw32)
    unf_ext (0.0.7.2-x86-mingw32)
    wirb (2.0.0)
      paint (>= 0.9, < 2.0)
    xml-simple (1.1.5)

PLATFORMS
  ruby
  x64-mingw32
  x86-mingw32

DEPENDENCIES
  activesupport (= 4.0.0)
  babosa (= 1.0.2)
  bcrypt
  bson_ext
  colorize
  dotenv
  faker
  httpclient (= 2.5.2)
  json
  literate_randomizer
  monetize
  mongo (~> 2.1.0)
  mysql2
  nokogiri
  paypal-sdk-adaptivepayments
  pg
  postmark
  pry-byebug (= 2.0.0)
  puma
  rack-parser (= 0.6.0)
  redis
  require_all
  rest-client (= 1.8.0)
  ripl-color_result
  shotgun
  sinatra
  sinatra-contrib
  sinatra-cross_origin (~> 0.3.1)
  sinatra-reloader
  tux
  twilio-ruby

RUBY VERSION
   ruby 2.2.4p230

BUNDLED WITH
   1.12.5
